PATH
  remote: ../..
  specs:
    hamlit (2.8.4)
      temple (>= 0.8.0)
      thor
      tilt

GEM
  remote: https://rubygems.org/
  specs:
    mustermann (1.0.1)
    rack (2.0.3)
    rack-protection (2.0.0)
      rack
    sinatra (2.0.0)
      mustermann (~> 1.0)
      rack (~> 2.0)
      rack-protection (= 2.0.0)
      tilt (~> 2.0)
    temple (0.8.0)
    thor (0.20.0)
    tilt (2.0.8)

PLATFORMS
  ruby

DEPENDENCIES
  hamlit!
  sinatra

BUNDLED WITH
   1.16.0
